PATH
  remote: .
  specs:
    tic_tac_toe (0.0.1)
      sqlite3

GEM
  remote: https://rubygems.org/
  specs:
    diff-lcs (1.1.3)
    rspec (2.11.0)
      rspec-core (~> 2.11.0)
      rspec-expectations (~> 2.11.0)
      rspec-mocks (~> 2.11.0)
    rspec-core (2.11.1)
    rspec-expectations (2.11.2)
      diff-lcs (~> 1.1.3)
    rspec-mocks (2.11.1)
    sqlite3 (1.3.6)

PLATFORMS
  ruby

DEPENDENCIES
  rspec
  tic_tac_toe!
